PATH
  remote: .
  specs:
    cache_json (1.0.0)
      redis (>= 3.3.5, < 5)

GEM
  remote: https://rubygems.org/
  specs:
    diff-lcs (1.3)
    mock_redis (0.21.0)
    rake (10.5.0)
    redis (4.1.2)
    rspec (3.8.0)
      rspec-core (~> 3.8.0)
      rspec-expectations (~> 3.8.0)
      rspec-mocks (~> 3.8.0)
    rspec-core (3.8.2)
      rspec-support (~> 3.8.0)
    rspec-expectations (3.8.4)
      diff-lcs (>= 1.2.0, < 2.0)
      rspec-support (~> 3.8.0)
    rspec-mocks (3.8.1)
      diff-lcs (>= 1.2.0, < 2.0)
      rspec-support (~> 3.8.0)
    rspec-support (3.8.2)
    timecop (0.9.1)

PLATFORMS
  ruby

DEPENDENCIES
  bundler (~> 2.0)
  cache_json!
  mock_redis (~> 0.21.0)
  rake (~> 10.0)
  rspec (~> 3.0)
  timecop (~> 0.9.1)

BUNDLED WITH
   2.0.2
